GEM
  remote: https://rubygems.org/
  specs:
    rack (1.6.0)
    roda (1.3.0)
      rack
    roda-plugins (0.0.7)
    shotgun (0.9)
      rack (>= 1.0)

PLATFORMS
  ruby

DEPENDENCIES
  roda
  roda-plugins
  shotgun
